GEM
  remote: https://rubygems.org/
  specs:
    aws-sdk (1.65.0)
      aws-sdk-v1 (= 1.65.0)
    aws-sdk-v1 (1.65.0)
      json (~> 1.4)
      nokogiri (>= 1.4.4)
    json (1.8.1)
    mini_portile (0.6.2)
    nokogiri (1.6.6.2)
      mini_portile (~> 0.6.0)

PLATFORMS
  ruby

DEPENDENCIES
  aws-sdk (= 1.65.0)

BUNDLED WITH
   1.10.6
